GEM
  remote: https://rubygems.org/
  specs:
    ast (2.4.3)
    base64 (0.2.0)
    coderay (1.1.3)
    io-console (0.8.0)
    jaro_winkler (1.5.6)
    method_source (1.1.0)
    ostruct (0.6.1)
    parallel (1.27.0)
    parser (3.3.8.0)
      ast (~> 2.4.1)
      racc
    powerpack (0.1.3)
    pry (0.14.1)
      coderay (~> 1.1)
      method_source (~> 1.0)
    racc (1.8.1)
    rainbow (3.1.1)
    reline (0.6.1)
      io-console (~> 0.5)
    rubocop (0.57.2)
      jaro_winkler (~> 1.5.1)
      parallel (~> 1.10)
      parser (>= 2.5)
      powerpack (~> 0.1)
      rainbow (>= 2.2.2, < 4.0)
      ruby-progressbar (~> 1.7)
      unicode-display_width (~> 1.0, >= 1.0.1)
    ruby-progressbar (1.13.0)
    unicode-display_width (1.8.0)

PLATFORMS
  ruby

DEPENDENCIES
  base64
  coderay (= 1.1.3)
  ostruct
  pry (= 0.14.1)
  racc
  reline
  rubocop (~> 0.57.2)

RUBY VERSION
   ruby 3.4.2p28

BUNDLED WITH
   2.6.2
